GEM
  remote: https://rubygems.org/
  specs:
    json_pure (1.8.3)
    rack (1.5.2)
    rack-protection (1.3.2)
      rack
    sinatra (1.3.5)
      rack (~> 1.4)
      rack-protection (~> 1.3)
      tilt (~> 1.3, >= 1.3.3)
    tilt (1.3.3)

PLATFORMS
  ruby

DEPENDENCIES
  json_pure
  sinatra

BUNDLED WITH
   1.11.2
